GEM
  remote: http://rubygems.org/
  specs:
    abstract (1.0.0)
    actionmailer (3.0.0.beta4)
      actionpack (= 3.0.0.beta4)
      mail (~> 2.2.3)
    actionpack (3.0.0.beta4)
      activemodel (= 3.0.0.beta4)
      activesupport (= 3.0.0.beta4)
      builder (~> 2.1.2)
      erubis (~> 2.6.5)
      i18n (~> 0.4.1)
      rack (~> 1.1.0)
      rack-mount (~> 0.6.3)
      rack-test (~> 0.5.4)
      tzinfo (~> 0.3.16)
    activemodel (3.0.0.beta4)
      activesupport (= 3.0.0.beta4)
      builder (~> 2.1.2)
      i18n (~> 0.4.1)
    activerecord (3.0.0.beta4)
      activemodel (= 3.0.0.beta4)
      activesupport (= 3.0.0.beta4)
      arel (~> 0.4.0)
      tzinfo (~> 0.3.16)
    activeresource (3.0.0.beta4)
      activemodel (= 3.0.0.beta4)
      activesupport (= 3.0.0.beta4)
    activesupport (3.0.0.beta4)
    arel (0.4.0)
      activesupport (>= 3.0.0.beta)
    builder (2.1.2)
    cgi_multipart_eof_fix (2.5.0)
    daemons (1.0.10)
    erubis (2.6.6)
      abstract (>= 1.0.0)
    fastthread (1.0.7)
    gem_plugin (0.2.3)
    i18n (0.4.1)
    mail (2.2.6.1)
      activesupport (>= 2.3.6)
      mime-types
      treetop (>= 1.4.5)
    mime-types (1.16)
    mongrel (1.1.5)
      cgi_multipart_eof_fix (>= 2.4)
      daemons (>= 1.0.3)
      fastthread (>= 1.0.1)
      gem_plugin (>= 0.2.3)
    polyglot (0.3.1)
    rack (1.1.0)
    rack-mount (0.6.13)
      rack (>= 1.0.0)
    rack-test (0.5.5)
      rack (>= 1.0)
    rails (3.0.0.beta4)
      actionmailer (= 3.0.0.beta4)
      actionpack (= 3.0.0.beta4)
      activerecord (= 3.0.0.beta4)
      activeresource (= 3.0.0.beta4)
      activesupport (= 3.0.0.beta4)
      bundler (>= 0.9.26)
      railties (= 3.0.0.beta4)
    railties (3.0.0.beta4)
      actionpack (= 3.0.0.beta4)
      activesupport (= 3.0.0.beta4)
      rake (>= 0.8.3)
      thor (~> 0.13.6)
    rake (0.8.7)
    sqlite3-ruby (1.2.5)
    thor (0.13.6)
    treetop (1.4.5)
      polyglot (>= 0.3.1)
    tzinfo (0.3.23)

PLATFORMS
  ruby

DEPENDENCIES
  mongrel
  rails (= 3.0.0.beta4)
  sqlite3-ruby
